GEM
  remote: https://rubygems.org/
  specs:
    addressable (2.8.1)
      public_suffix (>= 2.0.2, < 6.0)
    ast (2.4.2)
    coderay (1.1.3)
    docile (1.4.0)
    dotenv (2.8.1)
    faraday (2.7.6)
      faraday-net_http (>= 2.0, < 3.1)
      ruby2_keywords (>= 0.0.4)
    faraday-net_http (3.0.2)
    git (1.18.0)
      addressable (~> 2.8)
      rchardet (~> 1.8)
    json (2.6.3)
    language_server-protocol (3.17.0.3)
    method_source (1.0.0)
    minitest (5.18.0)
    mocha (2.0.4)
      ruby2_keywords (>= 0.0.5)
    parallel (1.23.0)
    parser (3.2.2.3)
      ast (~> 2.4.1)
      racc
    pry (0.14.2)
      coderay (~> 1.1)
      method_source (~> 1.0)
    public_suffix (5.0.1)
    racc (1.7.1)
    rainbow (3.1.1)
    rchardet (1.8.0)
    regexp_parser (2.8.1)
    rexml (3.2.5)
    rubocop (1.54.0)
      json (~> 2.3)
      language_server-protocol (>= 3.17.0)
      parallel (~> 1.10)
      parser (>= 3.2.2.3)
      rainbow (>= 2.2.2, < 4.0)
      regexp_parser (>= 1.8, < 3.0)
      rexml (>= 3.2.5, < 4.0)
      rubocop-ast (>= 1.28.0, < 2.0)
      ruby-progressbar (~> 1.7)
      unicode-display_width (>= 2.4.0, < 3.0)
    rubocop-ast (1.29.0)
      parser (>= 3.2.1.0)
    rubocop-minitest (0.31.0)
      rubocop (>= 1.39, < 2.0)
    ruby-progressbar (1.13.0)
    ruby2_keywords (0.0.5)
    simplecov (0.22.0)
      docile (~> 1.1)
      simplecov-html (~> 0.11)
      simplecov_json_formatter (~> 0.1)
    simplecov-html (0.12.3)
    simplecov-lcov (0.8.0)
    simplecov_json_formatter (0.1.4)
    unicode-display_width (2.4.2)

PLATFORMS
  ruby

DEPENDENCIES
  bundler
  dotenv
  faraday
  git
  minitest
  mocha
  pry
  rubocop
  rubocop-minitest
  simplecov
  simplecov-lcov

BUNDLED WITH
   2.3.17
